GEM
  remote: https://rubygems.org/
  specs:
    CFPropertyList (2.2.8)
    domain_name (0.5.24)
      unf (>= 0.0.5, < 1.0.0)
    facter (2.4.4)
      CFPropertyList (~> 2.2.6)
    git (1.2.9.1)
    hiera (2.0.0)
      json_pure
    http-cookie (1.0.2)
      domain_name (~> 0.5)
    json_pure (1.8.2)
    mime-types (2.6.1)
    modulesync (0.3.0)
      git (~> 1.2)
      puppet-blacksmith (~> 3.0)
    netrc (0.10.3)
    puppet (4.1.0)
      facter (> 2.0, < 4)
      hiera (>= 2.0, < 3)
      json_pure
    puppet-blacksmith (3.3.1)
      puppet (>= 2.7.16)
      rest-client
    rest-client (1.8.0)
      http-cookie (>= 1.0.2, < 2.0)
      mime-types (>= 1.16, < 3.0)
      netrc (~> 0.7)
    unf (0.1.4)
      unf_ext
    unf_ext (0.0.7.1)

PLATFORMS
  ruby

DEPENDENCIES
  modulesync

BUNDLED WITH
   1.10.4
